GEM
  remote: http://rubygems.org/
  specs:
    bson (1.7.0)
    json (1.7.5)
    mongo (1.7.0)
      bson (~> 1.7.0)
    rack (1.4.1)
    rack-protection (1.2.0)
      rack
    rufus-scheduler (2.0.17)
      tzinfo (>= 0.3.23)
    sinatra (1.3.3)
      rack (~> 1.3, >= 1.3.6)
      rack-protection (~> 1.2)
      tilt (~> 1.3, >= 1.3.3)
    tilt (1.3.3)
    tzinfo (0.3.33)

PLATFORMS
  ruby

DEPENDENCIES
  bson
  json
  mongo
  rufus-scheduler
  sinatra
