GEM
  remote: http://rubygems.org/
  specs:
    bson (1.7.0)
    json (2.3.0)
    mongo (1.7.0)
      bson (~> 1.7.0)
    rufus-scheduler (2.0.17)
      tzinfo (>= 0.3.23)
    tzinfo (0.3.33)

PLATFORMS
  ruby

DEPENDENCIES
  bson
  json
  mongo
  rufus-scheduler
